GEM
  remote: http://rubygems.org/
  specs:
    builder (3.0.0)
    daemons (1.1.4)
    eventmachine (1.0.0.beta.3-x86-mingw32)
    httparty (0.8.1)
      multi_json
      multi_xml
    json (1.5.3)
    mime-types (1.16)
    multi_json (1.0.3)
    multi_xml (0.4.1)
    quickbase_client (1.0.19)
    rack (1.3.0)
    rack-ssl-enforcer (0.2.2)
    rest-client (1.6.3)
      mime-types (>= 1.16)
    simple_worker (1.0.2)
      rest-client
      zip
    sinatra (1.2.6)
      rack (~> 1.1)
      tilt (>= 1.2.2, < 2.0)
    thin (1.2.11-x86-mingw32)
      daemons (>= 1.0.9)
      eventmachine (>= 0.12.6)
      rack (>= 1.0.0)
    tilt (1.3.2)
    twilio-ruby (3.1.0)
      builder (>= 2.1.2)
      json (>= 1.2.0)
    zip (2.0.2)

PLATFORMS
  x86-mingw32

DEPENDENCIES
  httparty
  quickbase_client
  rack-ssl-enforcer
  simple_worker (= 1.0.2)
  sinatra
  thin
  twilio-ruby
